PATH
  remote: .
  specs:
    chargify_client (0.0.1)

GEM
  remote: https://rubygems.org/
  specs:
    coderay (1.1.2)
    diff-lcs (1.1.3)
    method_source (0.9.2)
    pry (0.12.2)
      coderay (~> 1.1.0)
      method_source (~> 0.9.0)
    rspec (2.12.0)
      rspec-core (~> 2.12.0)
      rspec-expectations (~> 2.12.0)
      rspec-mocks (~> 2.12.0)
    rspec-core (2.12.2)
    rspec-expectations (2.12.1)
      diff-lcs (~> 1.1.3)
    rspec-mocks (2.12.2)
    vcr (5.1.0)

PLATFORMS
  ruby

DEPENDENCIES
  bundler
  chargify_client!
  pry
  rspec (~> 2.12.0)
  vcr

BUNDLED WITH
   2.1.4
